GEM
  remote: https://rubygems.org/
  specs:
    cuba (3.9.2)
      rack (>= 1.6.0)
    json (2.3.0)
    mustermann (1.0.3)
    mysql2 (0.5.3-x64-mingw32)
    rack (2.0.8)
    rack-protection (2.0.7)
      rack
    sinatra (2.0.7)
      mustermann (~> 1.0)
      rack (~> 2.0)
      rack-protection (= 2.0.7)
      tilt (~> 2.0)
    tilt (2.0.10)

PLATFORMS
  x64-mingw32

DEPENDENCIES
  cuba
  json
  mysql2 (~> 0.5.2)
  sinatra

BUNDLED WITH
   2.1.4
